RESTRICTION: >= net461
NUGET
  remote: https://www.nuget.org/api/v2
    Expecto (8.9.1)
      FSharp.Core (>= 4.3.4)
      Mono.Cecil (>= 0.10.3)
    Expecto.FsCheck (8.9.1)
      Expecto (>= 8.9.1)
      FsCheck (>= 2.13)
    FsCheck (2.13)
      FSharp.Core (>= 4.2.3)
    FSharp.Core (4.6.2)
    Mono.Cecil (0.10.3)

GROUP Build
NUGET
  remote: https://www.nuget.org/api/v2
    FAKE (5.8.4)
